GEM
  remote: http://rubygems.org/
  specs:
    RedCloth (4.2.8)
    actionmailer (3.1.1)
      actionpack (= 3.1.1)
      mail (~> 2.3.0)
    actionpack (3.1.1)
      activemodel (= 3.1.1)
      activesupport (= 3.1.1)
      builder (~> 3.0.0)
      erubis (~> 2.7.0)
      i18n (~> 0.6)
      rack (~> 1.3.2)
      rack-cache (~> 1.1)
      rack-mount (~> 0.8.2)
      rack-test (~> 0.6.1)
      sprockets (~> 2.0.2)
    activemodel (3.1.1)
      activesupport (= 3.1.1)
      builder (~> 3.0.0)
      i18n (~> 0.6)
    activerecord (3.1.1)
      activemodel (= 3.1.1)
      activesupport (= 3.1.1)
      arel (~> 2.2.1)
      tzinfo (~> 0.3.29)
    activeresource (3.1.1)
      activemodel (= 3.1.1)
      activesupport (= 3.1.1)
    activesupport (3.1.1)
      multi_json (~> 1.0)
    annotate (2.4.0)
    archive-tar-minitar (0.5.2)
    arel (2.2.1)
    builder (3.0.0)
    coffee-rails (3.1.1)
      coffee-script (>= 2.2.0)
      railties (~> 3.1.0)
    coffee-script (2.2.0)
      coffee-script-source
      execjs
    coffee-script-source (1.1.2)
    columnize (0.3.4)
    daemons (1.1.4)
    delayed_job (2.1.4)
      activesupport (~> 3.0)
      daemons
    diff-lcs (1.1.3)
    erubis (2.7.0)
    execjs (1.2.9)
      multi_json (~> 1.0)
    hike (1.2.1)
    hodel_3000_compliant_logger (0.1.0)
    i18n (0.6.0)
    jquery-rails (1.0.16)
      railties (~> 3.0)
      thor (~> 0.14)
    json (1.6.1)
    linecache (0.46)
      rbx-require-relative (> 0.0.4)
    linecache19 (0.5.12)
      ruby_core_source (>= 0.1.4)
    mail (2.3.0)
      i18n (>= 0.4.0)
      mime-types (~> 1.16)
      treetop (~> 1.4.8)
    mime-types (1.17.1)
    multi_json (1.0.3)
    mysql (2.8.1)
    oink (0.9.3)
      activerecord
      hodel_3000_compliant_logger
    polyglot (0.3.2)
    rack (1.3.5)
    rack-cache (1.1)
      rack (>= 0.4)
    rack-mount (0.8.3)
      rack (>= 1.0.0)
    rack-ssl (1.3.2)
      rack
    rack-test (0.6.1)
      rack (>= 1.0)
    rails (3.1.1)
      actionmailer (= 3.1.1)
      actionpack (= 3.1.1)
      activerecord (= 3.1.1)
      activeresource (= 3.1.1)
      activesupport (= 3.1.1)
      bundler (~> 1.0)
      railties (= 3.1.1)
    railties (3.1.1)
      actionpack (= 3.1.1)
      activesupport (= 3.1.1)
      rack-ssl (~> 1.3.2)
      rake (>= 0.8.7)
      rdoc (~> 3.4)
      thor (~> 0.14.6)
    rake (0.9.2.2)
    rbx-require-relative (0.0.5)
    rdoc (3.11)
      json (~> 1.4)
    rspec (2.7.0)
      rspec-core (~> 2.7.0)
      rspec-expectations (~> 2.7.0)
      rspec-mocks (~> 2.7.0)
    rspec-core (2.7.1)
    rspec-expectations (2.7.0)
      diff-lcs (~> 1.1.2)
    rspec-mocks (2.7.0)
    rspec-on-rails-matchers (1.0.0)
    rspec-rails (2.7.0)
      actionpack (~> 3.0)
      activesupport (~> 3.0)
      railties (~> 3.0)
      rspec (~> 2.7.0)
    ruby-debug (0.10.4)
      columnize (>= 0.1)
      ruby-debug-base (~> 0.10.4.0)
    ruby-debug-base (0.10.4)
      linecache (>= 0.3)
    ruby-debug-base19 (0.11.25)
      columnize (>= 0.3.1)
      linecache19 (>= 0.5.11)
      ruby_core_source (>= 0.1.4)
    ruby-debug19 (0.11.6)
      columnize (>= 0.3.1)
      linecache19 (>= 0.5.11)
      ruby-debug-base19 (>= 0.11.19)
    ruby_core_source (0.1.5)
      archive-tar-minitar (>= 0.5.2)
    sass (3.1.10)
    sass-rails (3.1.4)
      actionpack (~> 3.1.0)
      railties (~> 3.1.0)
      sass (>= 3.1.4)
      sprockets (~> 2.0.0)
      tilt (~> 1.3.2)
    simple_form (1.5.2)
      actionpack (~> 3.0)
      activemodel (~> 3.0)
    sprockets (2.0.3)
      hike (~> 1.2)
      rack (~> 1.0)
      tilt (!= 1.3.0, ~> 1.1)
    thor (0.14.6)
    tilt (1.3.3)
    treetop (1.4.10)
      polyglot
      polyglot (>= 0.3.1)
    tzinfo (0.3.30)
    uglifier (1.0.4)
      execjs (>= 0.3.0)
      multi_json (>= 1.0.2)
    will_paginate (3.0.2)

PLATFORMS
  ruby

DEPENDENCIES
  RedCloth
  annotate
  coffee-rails
  delayed_job
  jquery-rails
  mysql (= 2.8.1)
  oink
  rails (= 3.1.1)
  rspec (>= 2.0.0)
  rspec-on-rails-matchers (>= 1.0.0)
  rspec-rails (>= 2.0.0)
  ruby-debug
  ruby-debug19
  sass-rails
  simple_form
  uglifier
  will_paginate (>= 3.0.pre)
